GEM
  remote: https://rubygems.org/
  specs:
    ble (1.0.0)
      concurrent-ruby
      ruby-dbus
    concurrent-ruby (1.3.4)
    logger (1.6.1)
    rexml (3.3.9)
    ruby-dbus (0.23.1)
      rexml

PLATFORMS
  ruby

DEPENDENCIES
  ble
  logger
  rexml
