GEM
  remote: https://rubygems.org/
  specs:
    ble (1.0.0)
      concurrent-ruby
      ruby-dbus
    concurrent-ruby (1.1.8)
    rexml (3.2.5)
    ruby-dbus (0.16.0)

PLATFORMS
  armv7l-linux-eabihf

DEPENDENCIES
  ble
  rexml
